GEM
  remote: https://rubygems.org/
  specs:
    diff-lcs (1.1.3)
    facter (1.6.18)
    hiera (1.1.2)
      json_pure
    json (1.7.6)
    json_pure (1.7.7)
    librarian-puppet-maestrodev (0.9.7.4)
      json
      puppet
      thor (~> 0.15)
    metaclass (0.0.1)
    mime-types (1.19)
    mocha (0.13.0)
      metaclass (~> 0.0.1)
    puppet (3.1.1)
      facter (~> 1.6)
      hiera (~> 1.0)
    puppet-blacksmith (1.0.2)
      puppet (>= 2.7.16)
      puppetlabs_spec_helper (>= 0.3.0)
      rake
      rest-client
    puppet-lint (0.1.13)
    puppetlabs_spec_helper (0.3.0)
      mocha (>= 0.10.5)
      rake
      rspec (>= 2.9.0)
      rspec-puppet (>= 0.1.1)
    rake (10.0.3)
    rest-client (1.6.7)
      mime-types (>= 1.16)
    rspec (2.12.0)
      rspec-core (~> 2.12.0)
      rspec-expectations (~> 2.12.0)
      rspec-mocks (~> 2.12.0)
    rspec-core (2.12.0)
    rspec-expectations (2.12.0)
      diff-lcs (~> 1.1.3)
    rspec-mocks (2.12.0)
    rspec-puppet (0.1.5)
      rspec
    thor (0.17.0)

PLATFORMS
  ruby

DEPENDENCIES
  librarian-puppet-maestrodev (>= 0.9.7.4)
  puppet (~> 3.1.0)
  puppet-blacksmith (>= 1.0.1)
  puppet-lint (~> 0.1.12)
  puppetlabs_spec_helper
  rake (>= 0.9.2.2)
  rspec-puppet (>= 0.1.5)
